GIT
  remote: git@github.com:alphagov/datainsight_logging.git
  revision: 4733688e5a7eaab520110793cafdde8ede334616
  specs:
    datainsight_logging (0.0.1)
      logging

GEM
  remote: https://rubygems.org/
  specs:
    builder (3.0.0)
    bunny (0.8.0)
    ci_reporter (1.7.1)
      builder (>= 2.1.2)
    diff-lcs (1.1.3)
    gli (1.6.0)
    kgio (2.7.4)
    little-plugger (1.1.3)
    logging (1.7.2)
      little-plugger (>= 1.1.3)
    rack (1.4.1)
    rack-protection (1.2.0)
      rack
    raindrops (0.10.0)
    rake (0.9.2.2)
    rspec (2.11.0)
      rspec-core (~> 2.11.0)
      rspec-expectations (~> 2.11.0)
      rspec-mocks (~> 2.11.0)
    rspec-core (2.11.1)
    rspec-expectations (2.11.2)
      diff-lcs (~> 1.1.3)
    rspec-mocks (2.11.2)
    sinatra (1.3.3)
      rack (~> 1.3, >= 1.3.6)
      rack-protection (~> 1.2)
      tilt (~> 1.3, >= 1.3.3)
    tilt (1.3.3)
    unicorn (4.3.1)
      kgio (~> 2.6)
      rack
      raindrops (~> 0.7)

PLATFORMS
  ruby

DEPENDENCIES
  bunny
  ci_reporter
  datainsight_logging!
  gli (= 1.6.0)
  rake
  rspec
  sinatra
  unicorn
